GEM
  remote: https://rubygems.org/
  specs:
    addressable (2.6.0)
      public_suffix (>= 2.0.2, < 4.0)
    autoprefixer-rails (9.5.1.1)
      execjs
    aws-eventstream (1.0.3)
    aws-sdk (2.11.275)
      aws-sdk-resources (= 2.11.275)
    aws-sdk-core (2.11.275)
      aws-sigv4 (~> 1.0)
      jmespath (~> 1.0)
    aws-sdk-resources (2.11.275)
      aws-sdk-core (= 2.11.275)
    aws-sigv4 (1.1.0)
      aws-eventstream (~> 1.0, >= 1.0.2)
    colorator (1.1.0)
    colored (1.2)
    configure-s3-website (2.3.0)
      aws-sdk (~> 2)
      deep_merge (~> 1.0.0)
    deep_merge (1.0.1)
    dotenv (1.0.2)
    execjs (2.7.0)
    ffi (1.9.18)
    forwardable-extended (2.6.0)
    jekyll (3.4.3)
      addressable (~> 2.4)
      colorator (~> 1.0)
      jekyll-sass-converter (~> 1.0)
      jekyll-watch (~> 1.1)
      kramdown (~> 1.3)
      liquid (~> 3.0)
      mercenary (~> 0.3.3)
      pathutil (~> 0.9)
      rouge (~> 1.7)
      safe_yaml (~> 1.0)
    jekyll-analytics (0.1.11)
    jekyll-autoprefixer (1.0.2)
      autoprefixer-rails (~> 9.3)
    jekyll-feed (0.11.0)
      jekyll (~> 3.3)
    jekyll-figure (0.1.0)
    jekyll-hyphenate_filter (0.0.2)
      nokogiri (~> 1.6)
      text-hyphen (~> 1.4)
    jekyll-sass-converter (1.5.2)
      sass (~> 3.4)
    jekyll-seo-tag (2.6.0)
      jekyll (~> 3.3)
    jekyll-sitemap (1.2.0)
      jekyll (~> 3.3)
    jekyll-typogrify (0.3.5)
      titlecase
      typogruby
    jekyll-watch (1.5.1)
      listen (~> 3.0)
    jmespath (1.4.0)
    kramdown (1.17.0)
    liquid (3.0.6)
    listen (3.1.5)
      rb-fsevent (~> 0.9, >= 0.9.4)
      rb-inotify (~> 0.9, >= 0.9.7)
      ruby_dep (~> 1.2)
    mercenary (0.3.6)
    mini_portile2 (2.4.0)
    minima (2.1.1)
      jekyll (~> 3.3)
    nokogiri (1.10.3)
      mini_portile2 (~> 2.4.0)
    pathutil (0.16.2)
      forwardable-extended (~> 2.6)
    public_suffix (3.0.3)
    rb-fsevent (0.10.3)
    rb-inotify (0.10.0)
      ffi (~> 1.0)
    rouge (1.11.1)
    ruby_dep (1.5.0)
    rubypants (0.7.0)
    s3_website (3.4.0)
      colored (= 1.2)
      configure-s3-website (= 2.3.0)
      dotenv (~> 1.0)
      thor (~> 0.18)
    safe_yaml (1.0.5)
    sass (3.7.4)
      sass-listen (~> 4.0.0)
    sass-listen (4.0.0)
      rb-fsevent (~> 0.9, >= 0.9.4)
      rb-inotify (~> 0.9, >= 0.9.7)
    text-hyphen (1.4.1)
    thor (0.20.3)
    titlecase (0.1.1)
    typogruby (1.0.18)
      rubypants

PLATFORMS
  ruby

DEPENDENCIES
  ffi (= 1.9.18)
  jekyll (= 3.4.3)
  jekyll-analytics
  jekyll-autoprefixer
  jekyll-feed (~> 0.6)
  jekyll-figure
  jekyll-hyphenate_filter (~> 0.0.2)
  jekyll-seo-tag
  jekyll-sitemap
  jekyll-typogrify
  minima (~> 2.0)
  s3_website
  tzinfo-data

RUBY VERSION
   ruby 2.5.3p105

BUNDLED WITH
   1.16.6
