GEM
  remote: https://rubygems.org/
  specs:
    addressable (2.5.2)
      public_suffix (>= 2.0.2, < 4.0)
    aws-sdk (2.11.4)
      aws-sdk-resources (= 2.11.4)
    aws-sdk-core (2.11.4)
      aws-sigv4 (~> 1.0)
      jmespath (~> 1.0)
    aws-sdk-resources (2.11.4)
      aws-sdk-core (= 2.11.4)
    aws-sigv4 (1.0.2)
    colorator (1.1.0)
    colored (1.2)
    configure-s3-website (2.3.0)
      aws-sdk (~> 2)
      deep_merge (~> 1.0.0)
    cssminify2 (2.0.1)
    deep_merge (1.0.1)
    dotenv (1.0.2)
    execjs (2.7.0)
    ffi (1.9.18)
    forwardable-extended (2.6.0)
    htmlcompressor (0.4.0)
    jekyll (3.4.3)
      addressable (~> 2.4)
      colorator (~> 1.0)
      jekyll-sass-converter (~> 1.0)
      jekyll-watch (~> 1.1)
      kramdown (~> 1.3)
      liquid (~> 3.0)
      mercenary (~> 0.3.3)
      pathutil (~> 0.9)
      rouge (~> 1.7)
      safe_yaml (~> 1.0)
    jekyll-analytics (0.1.9)
    jekyll-feed (0.9.3)
      jekyll (~> 3.3)
    jekyll-figure (0.0.2)
    jekyll-minifier (0.1.2)
      cssminify2 (~> 2.0)
      htmlcompressor (~> 0.3)
      jekyll (~> 3.0)
      uglifier (~> 2.7)
    jekyll-sass-converter (1.5.2)
      sass (~> 3.4)
    jekyll-seo-tag (2.4.0)
      jekyll (~> 3.3)
    jekyll-sitemap (1.2.0)
      jekyll (~> 3.3)
    jekyll-typogrify (0.3.3)
      titlecase
      typogruby
    jekyll-watch (1.5.1)
      listen (~> 3.0)
    jmespath (1.3.1)
    json (2.1.0)
    kramdown (1.16.2)
    liquid (3.0.6)
    listen (3.1.5)
      rb-fsevent (~> 0.9, >= 0.9.4)
      rb-inotify (~> 0.9, >= 0.9.7)
      ruby_dep (~> 1.2)
    mercenary (0.3.6)
    minima (2.1.1)
      jekyll (~> 3.3)
    pathutil (0.16.1)
      forwardable-extended (~> 2.6)
    public_suffix (3.0.2)
    rb-fsevent (0.10.2)
    rb-inotify (0.9.10)
      ffi (>= 0.5.0, < 2)
    rouge (1.11.1)
    ruby_dep (1.5.0)
    rubypants (0.6.0)
    s3_website (3.4.0)
      colored (= 1.2)
      configure-s3-website (= 2.3.0)
      dotenv (~> 1.0)
      thor (~> 0.18)
    safe_yaml (1.0.4)
    sass (3.5.5)
      sass-listen (~> 4.0.0)
    sass-listen (4.0.0)
      rb-fsevent (~> 0.9, >= 0.9.4)
      rb-inotify (~> 0.9, >= 0.9.7)
    thor (0.20.0)
    titlecase (0.1.1)
    typogruby (1.0.18)
      rubypants
    uglifier (2.7.2)
      execjs (>= 0.3.0)
      json (>= 1.8.0)

PLATFORMS
  ruby

DEPENDENCIES
  ffi (= 1.9.18)
  jekyll (= 3.4.3)
  jekyll-analytics
  jekyll-feed (~> 0.6)
  jekyll-figure
  jekyll-minifier
  jekyll-seo-tag
  jekyll-sitemap
  jekyll-typogrify
  minima (~> 2.0)
  s3_website
  tzinfo-data

RUBY VERSION
   ruby 2.3.3p222

BUNDLED WITH
   1.16.1
